GEM
  remote: http://rubygems.org/
  specs:
    metaclass (0.0.1)
    minitest (2.10.0)
    mocha (0.10.0)
      metaclass (~> 0.0.1)

PLATFORMS
  ruby

DEPENDENCIES
  minitest
  mocha
